GEM
  remote: http://rubygems.org/
  specs:
    activesupport (3.1.3)
      multi_json (~> 1.0)
    addressable (2.2.7)
    amq-client (0.9.2)
      amq-protocol (>= 0.9.0)
      eventmachine
    amq-protocol (0.9.0)
    amqp (0.9.4)
      amq-client (~> 0.9.2)
      amq-protocol (>= 0.9.0)
      eventmachine
    awesome_print (1.0.2)
    bson (1.6.2)
    bson_ext (1.6.2)
      bson (~> 1.6.2)
    em-websocket (0.3.6)
      addressable (>= 2.1.1)
      eventmachine (>= 0.12.9)
    eventmachine (0.12.10)
    i18n (0.6.0)
    json (1.6.6)
    mongo (1.6.2)
      bson (~> 1.6.2)
    multi_json (1.2.0)
    optiflag (0.7)

PLATFORMS
  ruby

DEPENDENCIES
  activesupport (= 3.1.3)
  amqp
  awesome_print
  bson_ext
  em-websocket
  i18n
  json
  mongo
  optiflag
